GEM
  remote: https://rubygems.org/
  specs:
    concurrent-ruby (1.1.7)
    faker (2.13.0)
      i18n (>= 1.6, < 2)
    fluent-logger (0.8.2)
      msgpack (>= 1.0.0, < 2)
    i18n (1.8.5)
      concurrent-ruby (~> 1.0)
    msgpack (1.3.3)

PLATFORMS
  ruby

DEPENDENCIES
  faker
  fluent-logger

BUNDLED WITH
   2.1.4
